GEM
  remote: https://rubygems.org/
  specs:
    activemodel (3.2.11)
      activesupport (= 3.2.11)
      builder (~> 3.0.0)
    activesupport (3.2.11)
      i18n (~> 0.6)
      multi_json (~> 1.0)
    builder (3.0.4)
    capistrano (2.14.2)
      highline
      net-scp (>= 1.0.0)
      net-sftp (>= 2.0.0)
      net-ssh (>= 2.0.14)
      net-ssh-gateway (>= 1.1.0)
    capistrano-deploy (0.3.2)
      capistrano (~> 2.9)
    capistrano-nginx (0.1.0)
    coffee-script (2.2.0)
      coffee-script-source
      execjs
    coffee-script-source (1.4.0)
    execjs (1.4.0)
      multi_json (~> 1.0)
    highline (1.6.15)
    i18n (0.6.1)
    kgio (2.8.0)
    libv8 (3.11.8.13)
    mongoid (3.0.21)
      activemodel (~> 3.1)
      moped (~> 1.2)
      origin (~> 1.0)
      tzinfo (~> 0.3.22)
    moped (1.4.0)
    multi_json (1.5.0)
    net-scp (1.1.0)
      net-ssh (>= 2.6.5)
    net-sftp (2.1.1)
      net-ssh (>= 2.6.5)
    net-ssh (2.6.5)
    net-ssh-gateway (1.2.0)
      net-ssh (>= 2.6.5)
    origin (1.0.11)
    rack (1.4.1)
    rack-coffee (1.0.0)
      coffee-script
      rack
    rack-flash3 (1.0.3)
      rack
      rack
    rack-protection (1.2.0)
      rack
    raindrops (0.10.0)
    ref (1.0.2)
    rvm-capistrano (1.2.7)
      capistrano (>= 2.0.0)
    sass (3.2.3)
    sinatra (1.3.3)
      rack (~> 1.3, >= 1.3.6)
      rack-protection (~> 1.2)
      tilt (~> 1.3, >= 1.3.3)
    slim (1.3.4)
      temple (~> 0.5.5)
      tilt (~> 1.3.3)
    temple (0.5.5)
    therubyracer (0.11.3)
      libv8 (~> 3.11.8.12)
      ref
    tilt (1.3.3)
    tzinfo (0.3.35)
    unicorn (4.6.0)
      kgio (~> 2.6)
      rack
      raindrops (~> 0.7)

PLATFORMS
  ruby

DEPENDENCIES
  capistrano
  capistrano-deploy
  capistrano-nginx
  mongoid
  rack-coffee
  rack-flash3
  rvm-capistrano
  sass
  sinatra
  slim
  therubyracer
  unicorn
